GEM
  remote: https://rubygems.org/
  specs:
    crass (1.0.2)
    loofah (2.1.1)
      crass (~> 1.0.2)
      nokogiri (>= 1.5.9)
    mini_portile2 (2.3.0)
    minitest (5.10.1)
    nokogiri (1.8.1)
      mini_portile2 (~> 2.3.0)
    rake (10.5.0)

PLATFORMS
  ruby

DEPENDENCIES
  loofah
  minitest
  rake (~> 10.0)

BUNDLED WITH
   1.15.4
